PATH
  remote: .
  specs:
    representable-expandable (1.0.0)

GEM
  remote: http://rubygems.org/
  specs:
    declarative (0.0.5)
      uber (>= 0.0.15)
    diff-lcs (1.2.5)
    multi_json (1.11.2)
    rake (0.9.6)
    representable (2.4.0)
      declarative (~> 0.0.5)
      uber (~> 0.0.15)
    rspec (3.1.0)
      rspec-core (~> 3.1.0)
      rspec-expectations (~> 3.1.0)
      rspec-mocks (~> 3.1.0)
    rspec-core (3.1.7)
      rspec-support (~> 3.1.0)
    rspec-expectations (3.1.2)
      diff-lcs (>= 1.2.0, < 2.0)
      rspec-support (~> 3.1.0)
    rspec-mocks (3.1.3)
      rspec-support (~> 3.1.0)
    rspec-support (3.1.2)
    uber (0.0.15)

PLATFORMS
  ruby

DEPENDENCIES
  multi_json
  rake
  representable
  representable-expandable!
  rspec

BUNDLED WITH
   1.10.6
